GEM
  remote: https://rubygems.org/
  specs:
    amq-protocol (2.3.2)
    bunny (2.17.0)
      amq-protocol (~> 2.3, >= 2.3.1)
    mysql2 (0.5.3)
    sequel (5.40.0)

PLATFORMS
  ruby

DEPENDENCIES
  bunny (= 2.17.0)
  mysql2 (= 0.5.3)
  sequel

BUNDLED WITH
   1.17.3
