GEM
  remote: https://rubygems.org/
  specs:
    amq-protocol (2.3.2)
    axiom-types (0.1.1)
      descendants_tracker (~> 0.0.4)
      ice_nine (~> 0.11.0)
      thread_safe (~> 0.3, >= 0.3.1)
    bcrypt_pbkdf (1.0.1)
    bunny (2.17.0)
      amq-protocol (~> 2.3, >= 2.3.1)
    celluloid (0.16.0)
      timers (~> 4.0.0)
    coderay (1.1.2)
    coercible (1.0.0)
      descendants_tracker (~> 0.0.1)
    dante (0.2.0)
    descendants_tracker (0.0.4)
      thread_safe (~> 0.3, >= 0.3.1)
    diff-lcs (1.4.4)
    dogstatsd-ruby (4.8.2)
    dotenv (1.0.2)
    dotenv-deployment (0.3.0)
      dotenv (~> 1.0)
    ed25519 (1.2.4)
    elasticsearch (6.8.0)
      elasticsearch-api (= 6.8.0)
      elasticsearch-transport (= 6.8.0)
    elasticsearch-api (6.8.0)
      multi_json
    elasticsearch-transport (6.8.0)
      faraday
      multi_json
    emque-consuming (1.8.0)
      celluloid (= 0.16.0)
      dante (~> 0.2.0)
      inflecto (~> 0.0.2)
      oj (~> 2.18.5)
      pipe-ruby (~> 1.0)
      puma (~> 3.12)
      virtus (~> 1.0)
    equalizer (0.0.11)
    ethon (0.12.0)
      ffi (>= 1.3.0)
    faraday (0.9.2)
      multipart-post (>= 1.2, < 3)
    ffi (1.14.2)
    hitimes (2.0.0)
    honeybadger (4.7.2)
    ice_nine (0.11.2)
    inflecto (0.0.2)
    method_source (1.0.0)
    multi_json (1.14.1)
    multipart-post (2.1.1)
    mysql2 (0.5.3)
    net-sftp (3.0.0)
      net-ssh (>= 5.0.0, < 7.0.0)
    net-ssh (6.1.0)
    oj (2.18.5)
    pipe-ruby (1.0.0)
    pry (0.13.1)
      coderay (~> 1.1)
      method_source (~> 1.0)
    puma (3.12.6)
    rake (13.0.3)
    rspec (3.10.0)
      rspec-core (~> 3.10.0)
      rspec-expectations (~> 3.10.0)
      rspec-mocks (~> 3.10.0)
    rspec-core (3.10.0)
      rspec-support (~> 3.10.0)
    rspec-expectations (3.10.0)
      diff-lcs (>= 1.2.0, < 2.0)
      rspec-support (~> 3.10.0)
    rspec-mocks (3.10.0)
      diff-lcs (>= 1.2.0, < 2.0)
      rspec-support (~> 3.10.0)
    rspec-support (3.10.0)
    sequel (5.40.0)
    table_print (1.5.7)
    thread_safe (0.3.6)
    timers (4.0.4)
      hitimes
    typhoeus (0.7.3)
      ethon (>= 0.7.4)
    virtus (1.0.5)
      axiom-types (~> 0.1)
      coercible (~> 1.0)
      descendants_tracker (~> 0.0, >= 0.0.3)
      equalizer (~> 0.0, >= 0.0.9)

PLATFORMS
  ruby

DEPENDENCIES
  bcrypt_pbkdf
  bunny (~> 2.17)
  dogstatsd-ruby
  dotenv
  dotenv-deployment
  ed25519
  elasticsearch (~> 6.0, >= 6.0.1)
  emque-consuming (= 1.8.0)
  faraday (= 0.9.2)
  honeybadger
  mysql2
  net-sftp
  net-ssh
  oj (~> 2.10)
  pry
  rake
  rspec
  sequel
  table_print
  typhoeus (= 0.7.3)

BUNDLED WITH
   1.17.3
