GEM
  remote: https://rubygems.org/
  specs:
    mysql2 (0.5.3)
    sequel (5.40.0)

PLATFORMS
  ruby

DEPENDENCIES
  mysql2 (~> 0.5.3)
  sequel (~> 5.40)

BUNDLED WITH
   1.17.3
